GIT
  remote: git@github.com:hive-ci/device_api-android.git
  revision: 3e925d654b64a96ca50c4e1816b15f695a04f7d7
  specs:
    device_api-android (1.2.20)
      device_api (~> 1.0.2)

GIT
  remote: git@github.com:hive-ci/device_api-ios.git
  revision: 513fe9c1427106a0cc5f98ed4713347b9f28f7ce
  specs:
    device_api-ios (1.1.0)
      device_api (>= 1.0, < 2.0)
      ox (~> 2.8)

PATH
  remote: .
  specs:
    hive-runner (3.0.0)
      activerecord (~> 4.2)
      airbrake-ruby (~> 1.2.2)
      chamber (~> 2.7)
      code_cache (~> 0.2)
      daemons (~> 1.2.6)
      device_api-android (~> 1.0, >= 1.2.9)
      device_api-ios (~> 1.1.0)
      fruity_builder (~> 1.1.0)
      hive-messages (>= 1.0.7)
      mind_meld (~> 0.1.12)
      mono_logger (~> 1.1)
      res (~> 1.2.17)
      sys-cpu (~> 0.7)
      sys-uname (~> 1.0)
      terminal-table (~> 1.7.1)

GEM
  remote: https://rubygems.org/
  specs:
    activemodel (4.2.10)
      activesupport (= 4.2.10)
      builder (~> 3.1)
    activerecord (4.2.10)
      activemodel (= 4.2.10)
      activesupport (= 4.2.10)
      arel (~> 6.0)
    activesupport (4.2.10)
      i18n (~> 0.7)
      minitest (~> 5.1)
      thread_safe (~> 0.3, >= 0.3.4)
      tzinfo (~> 1.1)
    addressable (2.5.2)
      public_suffix (>= 2.0.2, < 4.0)
    airbrake-ruby (1.2.4)
    arel (6.0.4)
    axiom-types (0.1.1)
      descendants_tracker (~> 0.0.4)
      ice_nine (~> 0.11.0)
      thread_safe (~> 0.3, >= 0.3.1)
    builder (3.2.3)
    chamber (2.12.1)
      hashie (~> 3.3)
      thor (>= 0.19.1, < 0.21)
    code_cache (0.2.3)
    codeclimate-test-reporter (0.6.0)
      simplecov (>= 0.7.1, < 1.0.0)
    coercible (1.0.0)
      descendants_tracker (~> 0.0.1)
    concurrent-ruby (1.0.5)
    crack (0.4.3)
      safe_yaml (~> 1.0.0)
    daemons (1.2.6)
    declarative (0.0.10)
    declarative-option (0.1.0)
    descendants_tracker (0.0.4)
      thread_safe (~> 0.3, >= 0.3.1)
    device_api (1.0.2)
    diff-lcs (1.3)
    docile (1.1.5)
    equalizer (0.0.11)
    ffi (1.9.18)
    fruity_builder (1.1.1)
      ox (>= 2.1.0)
    hashdiff (0.3.7)
    hashie (3.5.7)
    hive-messages (1.0.7)
      activemodel (>= 4.0, < 4.3)
      activesupport (>= 4.0, < 4.3)
      mimemagic (~> 0.3)
      multi_json (~> 1.11)
      multipart-post (~> 2.0)
      roar (~> 1.0)
      virtus (~> 1.0)
    i18n (0.9.1)
      concurrent-ruby (~> 1.0)
    ice_nine (0.11.2)
    json (1.8.6)
    mimemagic (0.3.2)
    mind_meld (0.1.12)
      activesupport (~> 4)
    minitest (5.11.1)
    mono_logger (1.1.0)
    multi_json (1.13.1)
    multipart-post (2.0.0)
    ox (2.8.2)
    public_suffix (3.0.1)
    representable (3.0.4)
      declarative (< 0.1.0)
      declarative-option (< 0.2.0)
      uber (< 0.2.0)
    res (1.2.23)
      hive-messages (~> 1)
      json (~> 1.8)
      ox (~> 2.2)
      test_rail-api (~> 0.4.1)
    roar (1.1.0)
      representable (~> 3.0.0)
    rspec (3.7.0)
      rspec-core (~> 3.7.0)
      rspec-expectations (~> 3.7.0)
      rspec-mocks (~> 3.7.0)
    rspec-core (3.7.1)
      rspec-support (~> 3.7.0)
    rspec-expectations (3.7.0)
      diff-lcs (>= 1.2.0, < 2.0)
      rspec-support (~> 3.7.0)
    rspec-mocks (3.7.0)
      diff-lcs (>= 1.2.0, < 2.0)
      rspec-support (~> 3.7.0)
    rspec-support (3.7.0)
    safe_yaml (1.0.4)
    simplecov (0.15.1)
      docile (~> 1.1.0)
      json (>= 1.8, < 3)
      simplecov-html (~> 0.10.0)
    simplecov-html (0.10.2)
    sys-cpu (0.7.2)
      ffi
    sys-uname (1.0.3)
      ffi (>= 1.0.0)
    terminal-table (1.7.3)
      unicode-display_width (~> 1.1.1)
    test_rail-api (0.4.1)
      json (~> 1.0)
      virtus (~> 1.0)
    thor (0.20.0)
    thread_safe (0.3.6)
    tzinfo (1.2.4)
      thread_safe (~> 0.1)
    uber (0.1.0)
    unicode-display_width (1.1.3)
    virtus (1.0.5)
      axiom-types (~> 0.1)
      coercible (~> 1.0)
      descendants_tracker (~> 0.0, >= 0.0.3)
      equalizer (~> 0.0, >= 0.0.9)
    webmock (1.24.6)
      addressable (>= 2.3.6)
      crack (>= 0.3.2)
      hashdiff

PLATFORMS
  ruby

DEPENDENCIES
  codeclimate-test-reporter (~> 0.6.0)
  device_api-android!
  device_api-ios!
  fruity_builder (~> 1.1.0)
  hive-runner!
  rspec (~> 3.3)
  simplecov (~> 0.12)
  webmock (~> 1.21)

BUNDLED WITH
   1.16.1
